PATH
  remote: .
  specs:
    tabtab (0.9.2)
      rake

GEM
  remote: http://rubygems.org/
  specs:
    builder (3.0.0)
    cucumber (0.10.2)
      builder (>= 2.1.2)
      diff-lcs (>= 1.1.2)
      gherkin (>= 2.3.5)
      json (>= 1.4.6)
      term-ansicolor (>= 1.0.5)
    diff-lcs (1.1.2)
    gherkin (2.3.5)
      json (>= 1.4.6)
    json (1.5.1)
    mocha (0.9.12)
    rake (0.8.7)
    rspec (1.3.1)
    term-ansicolor (1.0.5)

PLATFORMS
  ruby

DEPENDENCIES
  cucumber (~> 0.10.2)
  mocha
  rspec (~> 1.3.0)
  tabtab!
